GEM
  remote: http://rubygems.org/
  specs:
    bson (1.0.7)
    bson_ext (1.0.7)
    candy (0.2.10)
      bson (>= 0.20.1)
      bson_ext (>= 0.20.1)
      mongo (>= 0.20.1)
    mongo (1.0.8)
      bson (>= 1.0.5)
    rspec (1.3.0)

PLATFORMS
  ruby

DEPENDENCIES
  candy
  rspec
