GEM
  remote: http://rubygems.org/
  specs:
    bson (1.0.7)
    bson_ext (1.0.7)
    factory_girl (1.3.2)
    gemcutter (0.6.1)
    git (1.2.5)
    jeweler (1.4.0)
      gemcutter (>= 0.1.0)
      git (>= 1.2.5)
      rubyforge (>= 2.0.0)
    json_pure (1.4.6)
    mongo (1.0.8)
      bson (>= 1.0.5)
    rake (0.8.7)
    rspec (1.3.0)
    rubyforge (2.0.4)
      json_pure (>= 1.1.7)

PLATFORMS
  ruby

DEPENDENCIES
  bson_ext (~> 1.0.7)
  factory_girl (~> 1.3.2)
  jeweler (~> 1.4.0)
  mongo (~> 1.0.8)
  rake (~> 0.8.7)
  rspec (~> 1.3.0)
