GEM
  remote: http://rubygems.org/
  specs:
    bson (1.0.7)
    mongo (1.0.8)
      bson (>= 1.0.5)
    rspec (1.3.0)

PLATFORMS
  ruby

DEPENDENCIES
  mongo
  rspec
